GEM
  remote: https://rubygems.org/
  specs:
    nokogiri (1.15.4-x86_64-darwin)
      racc (~> 1.4)
    racc (1.7.1)

PLATFORMS
  x86_64-darwin-22

DEPENDENCIES
  nokogiri

BUNDLED WITH
   2.2.33
